PATH
  remote: .
  specs:
    git-autobisect (0.4.2)

GEM
  remote: https://rubygems.org/
  specs:
    bump (0.6.1)
    diff-lcs (1.3)
    rake (12.3.1)
    rspec (3.8.0)
      rspec-core (~> 3.8.0)
      rspec-expectations (~> 3.8.0)
      rspec-mocks (~> 3.8.0)
    rspec-core (3.8.0)
      rspec-support (~> 3.8.0)
    rspec-expectations (3.8.2)
      diff-lcs (>= 1.2.0, < 2.0)
      rspec-support (~> 3.8.0)
    rspec-mocks (3.8.0)
      diff-lcs (>= 1.2.0, < 2.0)
      rspec-support (~> 3.8.0)
    rspec-support (3.8.0)
    rubinjam (0.7.0)
      bundler

PLATFORMS
  ruby

DEPENDENCIES
  bump
  git-autobisect!
  rake
  rspec
  rubinjam

BUNDLED WITH
   1.16.1
