PATH
  remote: .
  specs:
    git-autobisect (0.3.1)

GEM
  remote: https://rubygems.org/
  specs:
    bump (0.3.5)
    diff-lcs (1.1.3)
    rake (10.0.4)
    rspec (2.11.0)
      rspec-core (~> 2.11.0)
      rspec-expectations (~> 2.11.0)
      rspec-mocks (~> 2.11.0)
    rspec-core (2.11.1)
    rspec-expectations (2.11.3)
      diff-lcs (~> 1.1.3)
    rspec-mocks (2.11.3)

PLATFORMS
  ruby

DEPENDENCIES
  bump
  git-autobisect!
  rake (~> 10)
  rspec (~> 2)
